PATH
  remote: .
  specs:
    act_as_disabled (0.0.1)
      activerecord (>= 5.0.7, < 7.0)
      activesupport (>= 5.0.7, < 7.0)

GEM
  remote: https://rubygems.org/
  specs:
    activemodel (6.0.3.2)
      activesupport (= 6.0.3.2)
    activerecord (6.0.3.2)
      activemodel (= 6.0.3.2)
      activesupport (= 6.0.3.2)
    activesupport (6.0.3.2)
      concurrent-ruby (~> 1.0, >= 1.0.2)
      i18n (>= 0.7, < 2)
      minitest (~> 5.1)
      tzinfo (~> 1.1)
      zeitwerk (~> 2.2, >= 2.2.2)
    ast (2.4.1)
    coderay (1.1.3)
    concurrent-ruby (1.1.6)
    docile (1.3.2)
    i18n (1.8.3)
      concurrent-ruby (~> 1.0)
    method_source (1.0.0)
    minitest (5.14.1)
    parallel (1.19.2)
    parser (2.7.1.4)
      ast (~> 2.4.1)
    pry (0.13.1)
      coderay (~> 1.1)
      method_source (~> 1.0)
    rainbow (3.0.0)
    rake (13.0.1)
    rdoc (6.2.1)
    regexp_parser (1.7.1)
    rexml (3.2.5)
    rubocop (0.85.1)
      parallel (~> 1.10)
      parser (>= 2.7.0.1)
      rainbow (>= 2.2.2, < 4.0)
      regexp_parser (>= 1.7)
      rexml
      rubocop-ast (>= 0.0.3)
      ruby-progressbar (~> 1.7)
      unicode-display_width (>= 1.4.0, < 2.0)
    rubocop-ast (0.1.0)
      parser (>= 2.7.0.1)
    ruby-progressbar (1.10.1)
    simplecov (0.18.5)
      docile (~> 1.1)
      simplecov-html (~> 0.11)
    simplecov-html (0.12.2)
    sqlite3 (1.4.2)
    thread_safe (0.3.6)
    tzinfo (1.2.7)
      thread_safe (~> 0.1)
    unicode-display_width (1.7.0)
    zeitwerk (2.3.1)

PLATFORMS
  ruby

DEPENDENCIES
  act_as_disabled!
  activerecord
  activerecord-jdbcsqlite3-adapter
  activesupport
  bundler (>= 1.5, < 3.0)
  pry
  rake
  rdoc
  rubocop (~> 0.85.1)
  simplecov (~> 0.18.1)
  sqlite3

BUNDLED WITH
   1.17.3
